GEM
  remote: https://rubygems.org/
  specs:
    ffi (1.9.10-java)

PLATFORMS
  java

DEPENDENCIES
  ffi

BUNDLED WITH
   1.10.6
